GEM
  remote: https://rubygems.org/
  specs:
    addressable (2.3.6)
    browsermob-proxy (0.1.9)
      childprocess (~> 0.5)
      har
      multi_json (~> 1.0)
      rest-client
    builder (3.2.2)
    childprocess (0.5.3)
      ffi (~> 1.0, >= 1.0.11)
    diff-lcs (1.2.5)
    ethon (0.7.1)
      ffi (>= 1.3.0)
    ffi (1.9.3)
    har (0.1.0)
      jschematic (>= 0.1.0)
      json
      launchy (>= 0.3.7)
    jschematic (0.1.0)
      addressable
    json (1.7.7)
    launchy (2.4.2)
      addressable (~> 2.3)
    macaddr (1.7.1)
      systemu (~> 2.6.2)
    mail (2.6.1)
      mime-types (>= 1.16, < 3)
    mime (0.4.2)
    mime-types (2.3)
    mini_portile (0.6.0)
    multi_json (1.10.1)
    netrc (0.7.7)
    nokogiri (1.6.3.1)
      mini_portile (= 0.6.0)
    parallel (1.1.2)
    parallel_tests (1.0.3)
      parallel
    recursive-open-struct (0.5.0)
    rest-client (1.7.2)
      mime-types (>= 1.16, < 3.0)
      netrc (~> 0.7)
    rspec (3.1.0)
      rspec-core (~> 3.1.0)
      rspec-expectations (~> 3.1.0)
      rspec-mocks (~> 3.1.0)
    rspec-core (3.1.7)
      rspec-support (~> 3.1.0)
    rspec-expectations (3.1.2)
      diff-lcs (>= 1.2.0, < 2.0)
      rspec-support (~> 3.1.0)
    rspec-mocks (3.1.3)
      rspec-support (~> 3.1.0)
    rspec-support (3.1.2)
    rspec_junit_formatter (0.2.0)
      builder (< 4)
      rspec (>= 2, < 4)
      rspec-core (!= 2.12.0)
    ruby-gmail (0.3.1)
      mail (>= 2.2.1)
      mime (>= 0.1)
      shared-mime-info
    ruby-jmeter (2.11.19)
      nokogiri
      rest-client
    rubyzip (1.1.6)
    selenium-webdriver (2.44.0)
      childprocess (~> 0.5)
      multi_json (~> 1.0)
      rubyzip (~> 1.0)
      websocket (~> 1.0)
    shared-mime-info (0.2.5)
    systemu (2.6.4)
    typhoeus (0.6.9)
      ethon (>= 0.7.1)
    uuid (2.3.7)
      macaddr (~> 1.0)
    websocket (1.2.1)

PLATFORMS
  ruby

DEPENDENCIES
  browsermob-proxy
  json
  parallel_tests
  recursive-open-struct
  rest-client
  rspec
  rspec-expectations
  rspec_junit_formatter
  ruby-gmail
  ruby-jmeter
  selenium-webdriver (~> 2.44.0)
  typhoeus
  uuid
